GIT
  remote: git://github.com/alexcrichton/paste.git
  revision: 8125cfe64e4cda9bae9885220de243f5d407bec5
  specs:
    paste (0.2.2)
      activesupport (>= 3.0.0.beta4)
      closure-compiler
      sprockets

GIT
  remote: git://github.com/dwalters/paperclip.git
  revision: c285292ee515e0169ebff6f3fa63aec48a383850
  branch: rails3
  specs:
    paperclip (2.3.1.1)

GIT
  remote: git://github.com/huerlisi/will_paginate.git
  revision: ef54916d38bdecd1b5030a16cb620438c62b758d
  branch: rails3
  specs:
    will_paginate (3.0.pre2)

GIT
  remote: git://github.com/odorcicd/authlogic.git
  revision: a087ad0cba3c165ba22fcf176c28b6f7517931e8
  branch: rails3
  specs:
    authlogic (2.1.3)
      activesupport

GEM
  remote: http://rubygems.org/
  specs:
    abstract (1.0.0)
    actionmailer (3.0.0)
      actionpack (= 3.0.0)
      mail (~> 2.2.5)
    actionpack (3.0.0)
      activemodel (= 3.0.0)
      activesupport (= 3.0.0)
      builder (~> 2.1.2)
      erubis (~> 2.6.6)
      i18n (~> 0.4.1)
      rack (~> 1.2.1)
      rack-mount (~> 0.6.12)
      rack-test (~> 0.5.4)
      tzinfo (~> 0.3.23)
    activemodel (3.0.0)
      activesupport (= 3.0.0)
      builder (~> 2.1.2)
      i18n (~> 0.4.1)
    activerecord (3.0.0)
      activemodel (= 3.0.0)
      activesupport (= 3.0.0)
      arel (~> 1.0.0)
      tzinfo (~> 0.3.23)
    activeresource (3.0.0)
      activemodel (= 3.0.0)
      activesupport (= 3.0.0)
    activesupport (3.0.0)
    arel (1.0.1)
      activesupport (~> 3.0.0)
    bluecloth (2.0.7)
    builder (2.1.2)
    bullet (2.0.0.rc1)
    bzip2-ruby (0.2.6)
    cancan (1.3.4)
    capistrano (2.5.19)
      highline
      net-scp (>= 1.0.0)
      net-sftp (>= 2.0.0)
      net-ssh (>= 2.0.14)
      net-ssh-gateway (>= 1.0.0)
    closure-compiler (0.3.2)
    compass (0.10.5)
      haml (>= 3.0.4)
    daemons (1.1.0)
    delayed_job (2.0.3)
      daemons
    diff-lcs (1.1.2)
    erubis (2.6.6)
      abstract (>= 1.0.0)
    exception_notifier (1.0.0)
    factory_girl (1.3.2)
    factory_girl_rails (1.0)
      factory_girl (~> 1.3)
      rails (>= 3.0.0.beta4)
    fargo (0.1.0)
      activesupport (>= 3.0.0)
      bzip2-ruby
      libxml-ruby
    haml (3.0.18)
    highline (1.6.1)
    hpricot (0.8.2)
    i18n (0.4.1)
    libxml-ruby (1.1.4)
    mail (2.2.5)
      activesupport (>= 2.3.6)
      mime-types
      treetop (>= 1.4.5)
    mime-types (1.16)
    mysql2 (0.2.3)
    net-scp (1.0.3)
      net-ssh (>= 1.99.1)
    net-sftp (2.0.5)
      net-ssh (>= 2.0.9)
    net-ssh (2.0.23)
    net-ssh-gateway (1.0.1)
      net-ssh (>= 1.99.1)
    polyglot (0.3.1)
    rack (1.2.1)
    rack-mount (0.6.13)
      rack (>= 1.0.0)
    rack-test (0.5.4)
      rack (>= 1.0)
    rails (3.0.0)
      actionmailer (= 3.0.0)
      actionpack (= 3.0.0)
      activerecord (= 3.0.0)
      activeresource (= 3.0.0)
      activesupport (= 3.0.0)
      bundler (~> 1.0.0)
      railties (= 3.0.0)
    railties (3.0.0)
      actionpack (= 3.0.0)
      activesupport (= 3.0.0)
      rake (>= 0.8.4)
      thor (~> 0.14.0)
    rake (0.8.7)
    rspec (2.0.0.beta.20)
      rspec-core (= 2.0.0.beta.20)
      rspec-expectations (= 2.0.0.beta.20)
      rspec-mocks (= 2.0.0.beta.20)
    rspec-core (2.0.0.beta.20)
    rspec-expectations (2.0.0.beta.20)
      diff-lcs (>= 1.1.2)
    rspec-mocks (2.0.0.beta.20)
    rspec-rails (2.0.0.beta.20)
      rspec (= 2.0.0.beta.20)
    ruby-growl (2.0)
    ruby-mp3info (0.6.13)
    rvm (1.0.4)
    scrobbler (0.2.3)
      activesupport (>= 1.4.2)
      hpricot (>= 0.4.86)
    shout (2.1.1)
    spork (0.8.4)
    sprockets (1.0.2)
    sqlite3-ruby (1.3.1)
    thor (0.14.0)
    treetop (1.4.8)
      polyglot (>= 0.3.1)
    tzinfo (0.3.23)

PLATFORMS
  ruby

DEPENDENCIES
  authlogic!
  bluecloth
  bullet (>= 2.0.0.beta.3)
  cancan (>= 1.3)
  capistrano
  compass
  daemons
  delayed_job
  exception_notifier
  factory_girl_rails
  fargo
  mysql2
  paperclip!
  paste!
  rails (= 3.0.0)
  rspec-rails (>= 2.0.0.beta.19)
  ruby-growl
  ruby-mp3info
  rvm (>= 0.1.43)
  scrobbler
  shout (= 2.1.1)
  spork
  sqlite3-ruby
  will_paginate!
