GIT
  remote: git://github.com/alexcrichton/fargo.git
  revision: 2377f9de90fd51aa7f9e709021c21be57a48d5b0
  specs:
    fargo (0.3.0)
      activesupport (>= 3.0.0)
      bzip2-ruby
      em-websocket
      eventmachine
      libxml-ruby

GIT
  remote: git://github.com/alexcrichton/paste.git
  revision: 229001b25140ae516aa0587366b94d0a1962a01d
  specs:
    paste (0.3.0)
      activesupport (>= 3.0.0.beta4)
      sprockets

GIT
  remote: git://github.com/danielwestendorf/ruby-mp4info
  revision: 7e8131719eca31ab7949c34ad59d5bdc26a0e384
  ref: 7e8131719e
  specs:
    mp4info (1.7.3)

GIT
  remote: git://github.com/huerlisi/will_paginate.git
  revision: ef54916d38bdecd1b5030a16cb620438c62b758d
  branch: rails3
  specs:
    will_paginate (3.0.pre2)

GEM
  remote: http://rubygems.org/
  specs:
    abstract (1.0.0)
    actionmailer (3.0.0)
      actionpack (= 3.0.0)
      mail (~> 2.2.5)
    actionpack (3.0.0)
      activemodel (= 3.0.0)
      activesupport (= 3.0.0)
      builder (~> 2.1.2)
      erubis (~> 2.6.6)
      i18n (~> 0.4.1)
      rack (~> 1.2.1)
      rack-mount (~> 0.6.12)
      rack-test (~> 0.5.4)
      tzinfo (~> 0.3.23)
    activemodel (3.0.0)
      activesupport (= 3.0.0)
      builder (~> 2.1.2)
      i18n (~> 0.4.1)
    activerecord (3.0.0)
      activemodel (= 3.0.0)
      activesupport (= 3.0.0)
      arel (~> 1.0.0)
      tzinfo (~> 0.3.23)
    activeresource (3.0.0)
      activemodel (= 3.0.0)
      activesupport (= 3.0.0)
    activesupport (3.0.0)
    addressable (2.2.1)
    arel (1.0.1)
      activesupport (~> 3.0.0)
    bcrypt-ruby (2.1.2)
    bluecloth (2.0.9)
    builder (2.1.2)
    bzip2-ruby (0.2.6)
    cancan (1.4.0)
    capistrano (2.5.19)
      highline
      net-scp (>= 1.0.0)
      net-sftp (>= 2.0.0)
      net-ssh (>= 2.0.14)
      net-ssh-gateway (>= 1.0.0)
    carrierwave (0.5.0)
      activesupport (~> 3.0.0)
    compass (0.10.5)
      haml (>= 3.0.4)
    devise (1.1.3)
      bcrypt-ruby (~> 2.1.2)
      warden (~> 0.10.7)
    em-websocket (0.1.4)
      addressable (>= 2.1.1)
      eventmachine (>= 0.12.9)
    erubis (2.6.6)
      abstract (>= 1.0.0)
    eventmachine (0.12.10)
    flacinfo-rb (0.4)
    haml (3.0.21)
    highline (1.6.1)
    hpricot (0.8.2)
    i18n (0.4.1)
    libxml-ruby (1.1.4)
    mail (2.2.7)
      activesupport (>= 2.3.6)
      mime-types
      treetop (>= 1.4.5)
    mime-types (1.16)
    mysql2 (0.2.4)
    net-scp (1.0.4)
      net-ssh (>= 1.99.1)
    net-sftp (2.0.5)
      net-ssh (>= 2.0.9)
    net-ssh (2.0.23)
    net-ssh-gateway (1.0.1)
      net-ssh (>= 1.99.1)
    polyglot (0.3.1)
    rack (1.2.1)
    rack-mount (0.6.13)
      rack (>= 1.0.0)
    rack-test (0.5.6)
      rack (>= 1.0)
    rails (3.0.0)
      actionmailer (= 3.0.0)
      actionpack (= 3.0.0)
      activerecord (= 3.0.0)
      activeresource (= 3.0.0)
      activesupport (= 3.0.0)
      bundler (~> 1.0.0)
      railties (= 3.0.0)
    railties (3.0.0)
      actionpack (= 3.0.0)
      activesupport (= 3.0.0)
      rake (>= 0.8.4)
      thor (~> 0.14.0)
    rake (0.8.7)
    ruby-mp3info (0.6.13)
    ruby-shout (2.2.0)
    rvm (1.0.14)
    scrobbler (0.2.3)
      activesupport (>= 1.4.2)
      hpricot (>= 0.4.86)
    sprockets (1.0.2)
    sqlite3-ruby (1.3.1)
    thor (0.14.3)
    treetop (1.4.8)
      polyglot (>= 0.3.1)
    tzinfo (0.3.23)
    warden (0.10.7)
      rack (>= 1.0.0)

PLATFORMS
  ruby

DEPENDENCIES
  bluecloth
  cancan
  capistrano
  carrierwave (>= 0.5.0.beta)
  compass
  devise
  em-websocket
  fargo!
  flacinfo-rb
  mp4info!
  mysql2
  paste!
  rails (= 3.0.0)
  ruby-mp3info
  ruby-shout
  rvm
  scrobbler
  sqlite3-ruby
  will_paginate!
